GEM
  remote: https://rubygems.org/
  specs:
    addressable (2.8.1)
      public_suffix (>= 2.0.2, < 6.0)
    arr-pm (0.0.12)
    backports (3.23.0)
    cabin (0.9.0)
    clamp (1.0.1)
    dotenv (2.8.1)
    excon (0.92.5)
    fpm (1.14.2)
      arr-pm (~> 0.0.11)
      backports (>= 2.6.2)
      cabin (>= 0.6.0)
      clamp (~> 1.0.0)
      git (>= 1.3.0, < 2.0)
      json (>= 1.7.7, < 3.0)
      pleaserun (~> 0.0.29)
      rexml
      stud
    git (1.13.1)
      addressable (~> 2.8)
      rchardet (~> 1.8)
    insist (1.0.0)
    json (2.6.2)
    json_pure (1.8.6)
    mime (0.4.4)
    multi_json (1.15.0)
    mustache (0.99.8)
    packagecloud-ruby (1.0.8)
      excon (~> 0.40)
      json_pure (~> 1)
      mime (~> 0.4)
      multi_json (~> 1.0)
    pleaserun (0.0.32)
      cabin (> 0)
      clamp
      dotenv
      insist
      mustache (= 0.99.8)
      stud
    public_suffix (5.0.1)
    rake (13.0.6)
    rchardet (1.8.0)
    rexml (3.2.5)
    rubyzip (2.3.2)
    stud (0.0.23)

PLATFORMS
  ruby

DEPENDENCIES
  fpm (~> 1.14)
  packagecloud-ruby (~> 1.0)
  rake (~> 13.0)
  rubyzip (~> 2.3)

BUNDLED WITH
   2.3.22
